GEM
  remote: https://rubygems.org/
  specs:
    cpf_cnpj (0.5.0)
    nokogiri (1.15.4-x86_64-darwin)
      racc (~> 1.4)
    racc (1.7.1)

PLATFORMS
  x86_64-darwin-21

DEPENDENCIES
  cpf_cnpj
  nokogiri

BUNDLED WITH
   2.3.24
